GEM
  remote: http://rubygems.org/
  specs:
    coffee-script (2.2.0)
      coffee-script-source
      execjs
    coffee-script-source (1.3.3)
    execjs (1.4.0)
      multi_json (~> 1.0)
    ffi (1.0.11)
    growl (1.0.3)
    guard (1.3.2)
      listen (>= 0.4.2)
      thor (>= 0.14.6)
    guard-coffeescript (1.2.0)
      coffee-script (>= 2.2.0)
      guard (>= 1.1.0)
    guard-process (1.0.3)
      ffi (~> 1.0.9)
      guard (>= 0.4.2)
      spoon (~> 0.0.1)
    listen (0.5.0)
    multi_json (1.3.6)
    rb-fsevent (0.9.1)
    spoon (0.0.1)
    thor (0.16.0)

PLATFORMS
  ruby

DEPENDENCIES
  growl
  guard-coffeescript
  guard-process
  rb-fsevent (~> 0.9.1)
